PATH
  remote: ../cells-hamlit
  specs:
    cells-hamlit (0.1.1)
      cells (~> 4.0)
      hamlit
      hamlit-block (~> 0.3.0)

PATH
  remote: ../formular
  specs:
    formular (0.1.0)

PATH
  remote: ../reform
  specs:
    reform (2.1.0)
      disposable (>= 0.2.3, < 0.3.0)
      representable (>= 2.4.0, < 3.1.0)
      uber (~> 0.0.11)

GEM
  remote: https://rubygems.org/
  specs:
    bacon (1.2.0)
    cells (4.0.3)
      tilt (>= 1.4, < 3)
      uber (~> 0.0.9)
    declarative (0.0.5)
      uber (>= 0.0.15)
    disposable (0.2.3)
      declarative (~> 0.0.4)
      representable (>= 2.4.0, <= 3.1.0)
      uber
    dry-configurable (0.1.2)
      thread_safe
    dry-container (0.2.6)
      dry-configurable (= 0.1.2)
      thread_safe
    dry-data (0.4.1)
      dry-configurable (~> 0.1)
      dry-container (~> 0.2)
      dry-equalizer (~> 0.2)
      inflecto (~> 0.0.0, >= 0.0.2)
      kleisli (~> 0.2)
      thread_safe (~> 0.3)
    dry-equalizer (0.2.0)
    dry-validation (0.4.0)
      dry-configurable (~> 0.1)
      dry-container (~> 0.2, >= 0.2.6)
      dry-data (~> 0.2, >= 0.2.1)
      dry-equalizer (~> 0.2)
    ffi (1.9.10)
    hamlit (2.2.0)
      temple (~> 0.7.6)
      thor
      tilt
    hamlit-block (0.3.0)
      hamlit (>= 2.0, < 2.4)
    inflecto (0.0.2)
    kleisli (0.2.7)
    listen (3.0.5)
      rb-fsevent (>= 0.9.3)
      rb-inotify (>= 0.9)
    rack (1.6.4)
    rack-protection (1.5.3)
      rack
    rb-fsevent (0.9.6)
    rb-inotify (0.9.5)
      ffi (>= 0.5.0)
    representable (3.0.0)
      declarative (~> 0.0.5)
      uber (~> 0.0.15)
    rerun (0.11.0)
      listen (~> 3.0)
    sequel (4.29.0)
    sinatra (1.4.6)
      rack (~> 1.4)
      rack-protection (~> 1.4)
      tilt (>= 1.3, < 3)
    sinatra-sequel (0.9.0)
      bacon
      sequel (>= 3.2.0)
      sinatra (>= 0.9.4)
    sqlite3 (1.3.11)
    temple (0.7.6)
    thor (0.19.1)
    thread_safe (0.3.5)
    tilt (2.0.1)
    trailblazer (1.1.0)
      declarative
      reform (>= 2.0.0, < 3.0.0)
      uber (>= 0.0.15)
    trailblazer-cells (0.0.1)
      cells (>= 4.0.3, < 5.0.0)
    uber (0.0.15)

PLATFORMS
  ruby

DEPENDENCIES
  cells
  cells-hamlit!
  dry-validation (>= 0.4.0)
  formular!
  reform!
  rerun
  sinatra
  sinatra-sequel
  sqlite3
  trailblazer (= 1.1.0)
  trailblazer-cells

BUNDLED WITH
   1.10.6
